GEM
  remote: https://rubygems.org/
  specs:
    mini_portile2 (2.8.9)
    nokogiri (1.18.8)
      mini_portile2 (~> 2.8.2)
      racc (~> 1.4)
    power_assert (2.0.5)
    racc (1.8.1)
    rake (13.3.0)
    test-unit (3.6.8)
      power_assert

PLATFORMS
  ruby

DEPENDENCIES
  nokogiri
  rake
  test-unit

BUNDLED WITH
   2.6.9
